GEM
  remote: https://rubygems.org/
  specs:
    coderay (1.1.0)
    diff-lcs (1.2.5)
    ffi (1.9.10-java)
    little-plugger (1.1.3)
    logging (1.8.2)
      little-plugger (>= 1.1.3)
      multi_json (>= 1.8.4)
    method_source (0.8.2)
    multi_json (1.10.1)
    pry (0.10.3)
      coderay (~> 1.1.0)
      method_source (~> 0.8.1)
      slop (~> 3.4)
    pry (0.10.3-java)
      coderay (~> 1.1.0)
      method_source (~> 0.8.1)
      slop (~> 3.4)
      spoon (~> 0.0)
    pry-nav (0.2.4)
      pry (>= 0.9.10, < 0.11.0)
    rack (1.5.2)
    rack-test (0.6.2)
      rack (>= 1.0)
    rspec (3.1.0)
      rspec-core (~> 3.1.0)
      rspec-expectations (~> 3.1.0)
      rspec-mocks (~> 3.1.0)
    rspec-core (3.1.7)
      rspec-support (~> 3.1.0)
    rspec-expectations (3.1.2)
      diff-lcs (>= 1.2.0, < 2.0)
      rspec-support (~> 3.1.0)
    rspec-mocks (3.1.3)
      rspec-support (~> 3.1.0)
    rspec-support (3.1.2)
    slop (3.6.0)
    spoon (0.0.4)
      ffi

PLATFORMS
  java
  ruby

DEPENDENCIES
  logging
  pry-nav
  rack-test
  rspec (~> 3.1.0)

BUNDLED WITH
   1.10.6
